GEM
  remote: https://rubygems.org/
  specs:
    chunky_png (1.3.0)
    colored (1.2)
    compass (0.12.2)
      chunky_png (~> 1.2)
      fssm (>= 0.2.7)
      sass (~> 3.1)
    cri (2.4.1)
      colored (>= 1.2)
    fssm (0.2.10)
    haml (4.0.4)
      tilt
    mime-types (1.24)
    mini_portile (0.5.1)
    nanoc (3.6.7)
      cri (~> 2.3)
    nokogiri (1.6.0)
      mini_portile (~> 0.5.0)
    rack (1.4.5)
    sass (3.2.7)
    tilt (2.0.0)

PLATFORMS
  ruby

DEPENDENCIES
  compass
  haml
  mime-types
  nanoc
  nokogiri
  rack
  sass
